GEM
  remote: http://rubygems.org/
  specs:
    activesupport (3.2.10)
      i18n (~> 0.6)
      multi_json (~> 1.0)
    addressable (2.3.2)
    adsf (1.1.1)
      rack (>= 1.0.0)
    albino (1.3.3)
      posix-spawn (>= 0.3.6)
    asdf (0.5.0)
      rack (~> 1.2.1)
    atk (1.1.9)
      glib2 (>= 1.1.9)
    blueprints (1.0.1)
      activesupport (>= 2.3.0)
      database_cleaner (>= 0.6.1)
    builder (3.1.4)
    cairo (1.12.3)
      pkg-config
    chunky_png (1.2.6)
    coderay (1.0.8)
    colored (1.2)
    compass (0.12.2)
      chunky_png (~> 1.2)
      fssm (>= 0.2.7)
      sass (~> 3.1)
    cri (2.3.0)
      colored (>= 1.2)
    database_cleaner (0.9.1)
    erb2haml (0.1.2)
      haml
      hpricot
      ruby_parser
    excon (0.16.10)
    execjs (1.4.0)
      multi_json (~> 1.0)
    faraday (0.7.6)
      addressable (~> 2.2)
      multipart-post (~> 1.1)
      rack (~> 1.1)
    faraday-stack (0.1.5)
      faraday (>= 0.6, < 0.8)
    fog (1.8.0)
      builder
      excon (~> 0.14)
      formatador (~> 0.2.0)
      mime-types
      multi_json (~> 1.0)
      net-scp (~> 1.0.4)
      net-ssh (>= 2.1.3)
      nokogiri (~> 1.5.0)
      ruby-hmac
    formatador (0.2.4)
    fspath (2.0.4)
    fssm (0.2.9)
    gdk_pixbuf2 (1.1.9)
      glib2 (>= 1.1.9)
    git (1.2.5)
    glib2 (1.1.9)
      pkg-config
    green_shoes (1.1.367)
      gtk2
    gtk2 (1.1.9)
      atk (>= 1.1.9)
      gdk_pixbuf2 (>= 1.1.9)
      pango (>= 1.1.9)
    haml (3.1.7)
    haml-coderay (0.1.2)
      coderay
      haml
    hpricot (0.8.6)
    i18n (0.6.1)
    image_optim (0.6.0)
      fspath (~> 2.0.3)
      image_size (~> 1.1)
      in_threads (~> 1.1.1)
      progress (~> 2.4.0)
    image_size (1.1.1)
    in_threads (1.1.1)
    indextank (1.0.12)
      faraday-stack
      yajl-ruby (>= 0.7.7)
    jsmin (1.0.1)
    kramdown (0.14.1)
    less (1.2.21)
      mutter (>= 0.4.2)
      treetop (>= 1.4.2)
    less-rails (1.0.0)
      less (~> 1.2.21)
    mime-types (1.19)
    multi_json (1.5.0)
    multipart-post (1.1.5)
    mutter (0.5.3)
    nanoc (3.4.3)
      cri (~> 2.2)
    nanoc-cachebuster (0.3.1)
      nanoc (>= 3.3.0)
    nanoc-code-classifier (0.0.4)
      nanoc (~> 3.0)
      nokogiri (~> 1.0)
    nanoc-deploy (0.0.3)
      fog (>= 0.7.2)
      nanoc (>= 3.1.6)
    nanoc-fuel (0.0.8)
      haml (~> 3.1)
      nanoc (~> 3.1)
    nanoc-git (0.0.7)
      git (>= 1.2.5)
      nanoc (>= 3.1.6)
    nanoc-image-compressor (0.1.1)
      image_optim
      nanoc (>= 3.3.1)
    nanoc-javascript-concatenator (0.0.2)
      nanoc (>= 3.3.0)
    nanoc-navigation_builder (1.0.0.beta5)
      navigation_builder (~> 1.0.0.beta4)
      navigation_builder (~> 1.0.0.beta5)
    nanoc-oo (0.0.6)
      nanoc
      thor
    nanoc-search (0.0.1)
      indextank
      nokogiri
    nanoc-snippet (0.0.2)
      nokogiri
    nanoc-toolbox (0.1.1)
      jsmin (~> 1.0)
      nanoc (~> 3.4)
      nokogiri (~> 1.4)
    nanoc-video-filter (0.1.1)
    navigation_builder (1.0.0.beta6)
    net-scp (1.0.4)
      net-ssh (>= 1.99.1)
    net-ssh (2.6.2)
    nokogiri (1.5.6)
    pango (1.1.9)
      cairo (>= 1.10.0)
      glib2 (>= 1.1.9)
    pkg-config (1.1.4)
    polyglot (0.3.3)
    posix-spawn (0.3.6)
    pretty (0.3.2)
    progress (2.4.0)
    pygments.rb (0.3.7)
      posix-spawn (~> 0.3.6)
      yajl-ruby (~> 1.1.0)
    rack (1.2.5)
    rack-pygmentize (1.0.1)
      albino (>= 1.3.2)
      nokogiri (>= 1.4.4)
      rack (>= 1.0.0)
    rainpress (1.0)
    rake (10.0.3)
    rdiscount (1.6.8)
    ruby-hmac (0.4.0)
    ruby_parser (3.1.1)
      sexp_processor (~> 4.1)
    rubygems-bundler (1.1.0)
    sass (3.2.4)
    sexp_processor (4.1.3)
    stringex (1.5.1)
    systemu (2.5.2)
    thor (0.16.0)
    treetop (1.4.12)
      polyglot
      polyglot (>= 0.3.1)
    uglifier (1.3.0)
      execjs (>= 0.3.0)
      multi_json (~> 1.0, >= 1.0.2)
    xml-to-haml (0.1.5)
    yajl-ruby (1.1.0)

PLATFORMS
  ruby

DEPENDENCIES
  adsf
  asdf
  blueprints
  coderay
  compass
  erb2haml
  fssm
  green_shoes
  haml
  haml-coderay
  image_optim
  kramdown
  less
  less-rails
  mime-types
  nanoc
  nanoc-cachebuster
  nanoc-code-classifier
  nanoc-deploy
  nanoc-fuel
  nanoc-git
  nanoc-image-compressor
  nanoc-javascript-concatenator
  nanoc-navigation_builder
  nanoc-oo
  nanoc-search
  nanoc-snippet
  nanoc-toolbox
  nanoc-video-filter
  nokogiri
  pretty
  pygments.rb
  rack-pygmentize
  rainpress
  rake
  rdiscount
  rubygems-bundler
  sass
  stringex
  systemu
  uglifier
  xml-to-haml
